GIT
  remote: git://github.com/trema/trema.git
  revision: a2dd7f5faa9a225edb365a9fafdc393691a8d4b5
  branch: develop
  specs:
    trema (0.4.7)
      gli (~> 2.11.0)
      paper_house (~> 0.6.2)
      pio (~> 0.8.1)
      rake
      rdoc (~> 4.1.1)

GEM
  remote: https://rubygems.org/
  specs:
    POpen4 (0.1.4)
      Platform (>= 0.4.0)
      open4
    Platform (0.4.0)
    aruba (0.6.0)
      childprocess (>= 0.3.6)
      cucumber (>= 1.1.1)
      rspec-expectations (>= 2.7.0)
    bindata (2.1.0)
    builder (3.2.2)
    childprocess (0.5.3)
      ffi (~> 1.0, >= 1.0.11)
    cucumber (1.3.15)
      builder (>= 2.1.2)
      diff-lcs (>= 1.1.3)
      gherkin (~> 2.12)
      multi_json (>= 1.7.5, < 2.0)
      multi_test (>= 0.1.1)
    diff-lcs (1.2.5)
    ffi (1.9.3)
    gherkin (2.12.2)
      multi_json (~> 1.3)
    gli (2.11.0)
    json (1.8.1)
    multi_json (1.10.1)
    multi_test (0.1.1)
    open4 (1.3.4)
    paper_house (0.6.2)
      POpen4 (~> 0.1.4)
      rake
    pio (0.8.1)
      bindata (~> 2.1.0)
    rake (10.3.2)
    rdoc (4.1.1)
      json (~> 1.4)
    rspec-expectations (3.0.3)
      diff-lcs (>= 1.2.0, < 2.0)
      rspec-support (~> 3.0.0)
    rspec-support (3.0.3)

PLATFORMS
  ruby

DEPENDENCIES
  aruba (~> 0.6.0)
  cucumber (~> 1.3.15)
  trema!
